RESTRICTION: == net50
NUGET
  remote: https://api.nuget.org/v3/index.json
    AspNetCore.HealthChecks.SqlServer (5.0.2)
      Microsoft.Data.SqlClient (>= 2.1.1)
      Microsoft.Extensions.Diagnostics.HealthChecks (>= 5.0.1)
    Autofac (6.1)
      System.Diagnostics.DiagnosticSource (>= 4.7.1)
    Autofac.Extensions.DependencyInjection (7.1)
      Autofac (>= 6.0)
      Microsoft.Extensions.DependencyInjection.Abstractions (>= 2.1)
    AutoFixture (4.15)
      Fare (>= 2.1.1 < 3.0)
      System.ComponentModel.Annotations (>= 4.3)
    AWSSDK.Core (3.5.2.5)
    AWSSDK.DynamoDBv2 (3.5.4.24)
      AWSSDK.Core (>= 3.5.2.4 < 3.6)
    Be.Vlaanderen.Basisregisters.AggregateSource (5.0.13)
      Be.Vlaanderen.Basisregisters.Utilities.HashCodeCalculator (>= 2.2.11)
      Be.Vlaanderen.Basisregisters.Utilities.HexByteConvertor (>= 2.2.10)
      Be.Vlaanderen.Basisregisters.Utilities.ToStringBuilder (>= 2.2.14)
      Newtonsoft.Json (>= 12.0.3)
      NodaTime (>= 3.0.5)
    Be.Vlaanderen.Basisregisters.AggregateSource.ExplicitRouting (5.0.13)
      Be.Vlaanderen.Basisregisters.AggregateSource (5.0.13)
    Be.Vlaanderen.Basisregisters.AggregateSource.SqlStreamStore (5.0.13)
      Be.Vlaanderen.Basisregisters.AggregateSource (5.0.13)
      Be.Vlaanderen.Basisregisters.EventHandling (>= 3.0.4)
      SqlStreamStore (>= 1.2)
    Be.Vlaanderen.Basisregisters.AggregateSource.SqlStreamStore.Autofac (5.0.13)
      Autofac.Extensions.DependencyInjection (>= 7.1)
      Be.Vlaanderen.Basisregisters.AggregateSource (5.0.13)
      Be.Vlaanderen.Basisregisters.AggregateSource.SqlStreamStore (5.0.13)
      SqlStreamStore (>= 1.2)
      SqlStreamStore.MsSql (>= 1.2)
    Be.Vlaanderen.Basisregisters.AggregateSource.Testing (5.0.13)
      Be.Vlaanderen.Basisregisters.AggregateSource (5.0.13)
      CompareNETObjects (>= 4.71)
      Microsoft.CSharp (>= 4.7)
      Newtonsoft.Json (>= 12.0.3)
    Be.Vlaanderen.Basisregisters.AggregateSource.Testing.CommandHandling (5.0.13)
      Be.Vlaanderen.Basisregisters.AggregateSource.Testing (5.0.13)
      Be.Vlaanderen.Basisregisters.CommandHandling (5.0.13)
    Be.Vlaanderen.Basisregisters.AggregateSource.Testing.SqlStreamStore (5.0.13)
      Be.Vlaanderen.Basisregisters.AggregateSource.Testing (5.0.13)
      Be.Vlaanderen.Basisregisters.EventHandling (>= 3.0.4)
      SqlStreamStore (>= 1.2)
    Be.Vlaanderen.Basisregisters.AggregateSource.Testing.SqlStreamStore.Autofac (5.0.13)
      Autofac.Extensions.DependencyInjection (>= 7.1)
      Be.Vlaanderen.Basisregisters.AggregateSource.SqlStreamStore.Autofac (5.0.13)
      Be.Vlaanderen.Basisregisters.AggregateSource.Testing.CommandHandling (5.0.13)
      Be.Vlaanderen.Basisregisters.AggregateSource.Testing.SqlStreamStore (5.0.13)
      Be.Vlaanderen.Basisregisters.AggregateSource.Testing.Xunit (5.0.13)
    Be.Vlaanderen.Basisregisters.AggregateSource.Testing.Xunit (5.0.13)
      Be.Vlaanderen.Basisregisters.AggregateSource.Testing (5.0.13)
      Microsoft.Extensions.Logging (>= 5.0)
      xunit (>= 2.4.1)
    Be.Vlaanderen.Basisregisters.Api (14.1.2)
      Autofac (>= 6.1)
      Autofac.Extensions.DependencyInjection (>= 7.1)
      Be.Vlaanderen.Basisregisters.AggregateSource (>= 5.0.13)
      Be.Vlaanderen.Basisregisters.AspNetCore.Mvc.Formatters.Json (>= 3.0.9)
      Be.Vlaanderen.Basisregisters.AspNetCore.Mvc.Logging (>= 2.2.10)
      Be.Vlaanderen.Basisregisters.AspNetCore.Mvc.Middleware.AddCorrelationId (>= 2.3.6)
      Be.Vlaanderen.Basisregisters.AspNetCore.Mvc.Middleware.AddCorrelationIdToLogContext (>= 2.2.10)
      Be.Vlaanderen.Basisregisters.AspNetCore.Mvc.Middleware.AddCorrelationIdToResponse (>= 2.3.6)
      Be.Vlaanderen.Basisregisters.AspNetCore.Mvc.Middleware.AddHttpSecurityHeaders (>= 2.3.6)
      Be.Vlaanderen.Basisregisters.AspNetCore.Mvc.Middleware.AddRemoteIpAddress (>= 2.2.10)
      Be.Vlaanderen.Basisregisters.AspNetCore.Mvc.Middleware.AddVersionHeader (>= 2.2.10)
      Be.Vlaanderen.Basisregisters.AspNetCore.Mvc.Middleware.DefaultResponseCompressionQuality (>= 2.2.10)
      Be.Vlaanderen.Basisregisters.AspNetCore.Mvc.Middleware.EnableRequestRewind (>= 2.2.10)
      Be.Vlaanderen.Basisregisters.AspNetCore.Mvc.ModelBinding.GuidHeader (>= 2.2.10)
      Be.Vlaanderen.Basisregisters.AspNetCore.Swagger (>= 3.7.23)
      Be.Vlaanderen.Basisregisters.AspNetCore.Swagger.ReDoc (>= 3.7.23)
      Be.Vlaanderen.Basisregisters.Aws.DistributedMutex (>= 2.2.11)
      Be.Vlaanderen.Basisregisters.DataDog.Tracing (>= 4.5.6)
      Be.Vlaanderen.Basisregisters.DataDog.Tracing.AspNetCore (>= 4.5.6)
      Be.Vlaanderen.Basisregisters.DataDog.Tracing.Autofac (>= 4.5.6)
      Be.Vlaanderen.Basisregisters.DataDog.Tracing.Sql (>= 4.5.6)
      Be.Vlaanderen.Basisregisters.DataDog.Tracing.SqlStreamStore (>= 4.5.6)
      Be.Vlaanderen.Basisregisters.EventHandling.Autofac (>= 3.0.4)
      Be.Vlaanderen.Basisregisters.Generators.Guid.Deterministic (>= 2.2.10)
      Be.Vlaanderen.Basisregisters.ProblemDetails (>= 6.0.4)
      FluentValidation.AspNetCore (>= 9.5)
      Microsoft.AspNetCore.Diagnostics.EntityFrameworkCore (>= 5.0.2)
      Microsoft.AspNetCore.Mvc.NewtonsoftJson (>= 5.0.2)
      Microsoft.AspNetCore.Mvc.Versioning.ApiExplorer (>= 4.2)
      Microsoft.EntityFrameworkCore (>= 5.0.2)
      Microsoft.Extensions.Configuration (>= 5.0)
      Microsoft.Extensions.Configuration.CommandLine (>= 5.0)
      Microsoft.Extensions.Configuration.EnvironmentVariables (>= 5.0)
      Microsoft.Extensions.Configuration.FileExtensions (>= 5.0)
      Microsoft.Extensions.Configuration.Json (>= 5.0)
      Microsoft.Extensions.DependencyInjection (>= 5.0.1)
      Microsoft.Extensions.Diagnostics.HealthChecks.EntityFrameworkCore (>= 5.0.2)
      Microsoft.Extensions.Localization (>= 5.0.2)
      Microsoft.Extensions.Options.ConfigurationExtensions (>= 5.0)
      Microsoft.SyndicationFeed.ReaderWriter (>= 1.0.2)
      Microsoft.VisualStudio.Web.BrowserLink (>= 2.2)
      Newtonsoft.Json (>= 12.0.3)
      Polly (>= 7.2.1)
      Serilog (>= 2.10)
      Serilog.Enrichers.Environment (>= 2.1.3)
      Serilog.Enrichers.Thread (>= 3.1)
      Serilog.Extensions.Logging (>= 3.0.1)
      Serilog.Formatting.Compact (>= 1.1)
      Serilog.Settings.Configuration (>= 3.1)
      Serilog.Sinks.Console (>= 3.1.1)
      Serilog.Sinks.File (>= 4.1)
      SqlStreamStore (>= 1.2)
      SqlStreamStore.MsSql (>= 1.2)
      System.Text.Encoding.CodePages (>= 5.0)
    Be.Vlaanderen.Basisregisters.AspNetCore.Mvc.Formatters.Json (3.0.9)
      Be.Vlaanderen.Basisregisters.Converters.TrimString (>= 2.2.10)
      Be.Vlaanderen.Basisregisters.Utilities.Rfc3339DateTimeOffset (>= 2.2.9)
      Newtonsoft.Json (>= 12.0.3)
      NodaTime.Serialization.JsonNet (>= 3.0)
    Be.Vlaanderen.Basisregisters.AspNetCore.Mvc.Logging (2.2.10)
      Newtonsoft.Json (>= 12.0.3)
    Be.Vlaanderen.Basisregisters.AspNetCore.Mvc.Middleware.AddCorrelationId (2.3.6)
    Be.Vlaanderen.Basisregisters.AspNetCore.Mvc.Middleware.AddCorrelationIdToLogContext (2.2.10)
      Serilog (>= 2.10)
    Be.Vlaanderen.Basisregisters.AspNetCore.Mvc.Middleware.AddCorrelationIdToResponse (2.3.6)
    Be.Vlaanderen.Basisregisters.AspNetCore.Mvc.Middleware.AddHttpSecurityHeaders (2.3.6)
    Be.Vlaanderen.Basisregisters.AspNetCore.Mvc.Middleware.AddRemoteIpAddress (2.2.10)
    Be.Vlaanderen.Basisregisters.AspNetCore.Mvc.Middleware.AddVersionHeader (2.2.10)
    Be.Vlaanderen.Basisregisters.AspNetCore.Mvc.Middleware.DefaultResponseCompressionQuality (2.2.10)
    Be.Vlaanderen.Basisregisters.AspNetCore.Mvc.Middleware.EnableRequestRewind (2.2.10)
    Be.Vlaanderen.Basisregisters.AspNetCore.Mvc.ModelBinding.GuidHeader (2.2.10)
    Be.Vlaanderen.Basisregisters.AspNetCore.Swagger (3.7.23)
      Microsoft.AspNetCore.Mvc.Versioning.ApiExplorer (>= 4.2)
      Microsoft.Extensions.FileProviders.Embedded (>= 5.0.2)
      Microsoft.Extensions.Localization.Abstractions (>= 5.0.2)
      Microsoft.OpenApi (>= 1.2.3)
      Newtonsoft.Json (>= 12.0.3)
      NJsonSchema (>= 10.3.3)
      NJsonSchema.CodeGeneration.CSharp (>= 10.3.3)
      NJsonSchema.CodeGeneration.TypeScript (>= 10.3.3)
      NSwag.CodeGeneration.CSharp (>= 13.10.1)
      NSwag.CodeGeneration.TypeScript (>= 13.10.1)
      Swashbuckle.AspNetCore (>= 5.6.3)
      Swashbuckle.AspNetCore.Annotations (>= 5.6.3)
      Swashbuckle.AspNetCore.Filters (>= 6.0.1)
      Swashbuckle.AspNetCore.Newtonsoft (>= 5.6.3)
    Be.Vlaanderen.Basisregisters.AspNetCore.Swagger.ReDoc (3.7.23)
      Be.Vlaanderen.Basisregisters.AspNetCore.Swagger (3.7.23)
      Microsoft.AspNetCore.Mvc.Versioning.ApiExplorer (>= 4.2)
      Microsoft.Extensions.FileProviders.Embedded (>= 5.0.2)
      Microsoft.Extensions.Localization.Abstractions (>= 5.0.2)
      Newtonsoft.Json (>= 12.0.3)
      NSwag.CodeGeneration.CSharp (>= 13.10.1)
      NSwag.CodeGeneration.TypeScript (>= 13.10.1)
      Swashbuckle.AspNetCore (>= 5.6.3)
    Be.Vlaanderen.Basisregisters.Aws.DistributedMutex (2.2.11)
      AWSSDK.DynamoDBv2 (>= 3.5.4.24)
      Microsoft.Extensions.Logging (>= 5.0)
    Be.Vlaanderen.Basisregisters.Build.Pipeline (5.0.2)
      Fake.Core.Environment (>= 5.20.3)
      Fake.Core.Process (>= 5.20.3)
      Fake.Core.Target (>= 5.20.3)
      Fake.DotNet.AssemblyInfoFile (>= 5.20.3)
      Fake.DotNet.Cli (>= 5.20.3)
      Fake.DotNet.Paket (>= 5.20.3)
      Fake.IO.FileSystem (>= 5.20.3)
      Fake.JavaScript.Npm (>= 5.20.3)
      Newtonsoft.Json (>= 12.0.3)
    Be.Vlaanderen.Basisregisters.CommandHandling (5.0.13)
    Be.Vlaanderen.Basisregisters.CommandHandling.Idempotency (5.0.13)
      Autofac.Extensions.DependencyInjection (>= 7.1)
      Be.Vlaanderen.Basisregisters.Converters.Timestamp (>= 2.2.13)
      Microsoft.Data.SqlClient (>= 2.1.1)
      Microsoft.EntityFrameworkCore.SqlServer (>= 5.0.2)
      Microsoft.Extensions.Configuration (>= 5.0)
      Microsoft.Extensions.Options.ConfigurationExtensions (>= 5.0)
      Newtonsoft.Json (>= 12.0.3)
    Be.Vlaanderen.Basisregisters.CommandHandling.SqlStreamStore (5.0.13)
      Be.Vlaanderen.Basisregisters.AggregateSource (5.0.13)
      Be.Vlaanderen.Basisregisters.CommandHandling (5.0.13)
      Be.Vlaanderen.Basisregisters.EventHandling (>= 3.0.4)
      Be.Vlaanderen.Basisregisters.Generators.Guid.Deterministic (>= 2.2.10)
      SqlStreamStore (>= 1.2)
    Be.Vlaanderen.Basisregisters.Converters.Timestamp (2.2.13)
      Newtonsoft.Json (>= 12.0.3)
    Be.Vlaanderen.Basisregisters.Converters.TrimString (2.2.10)
      Newtonsoft.Json (>= 12.0.3)
    Be.Vlaanderen.Basisregisters.Crab (2.2.5)
      Be.Vlaanderen.Basisregisters.AggregateSource (>= 5.0.13)
      Be.Vlaanderen.Basisregisters.Generators.Guid.Deterministic (>= 2.2.10)
      GeoJSON.Net (>= 1.2.19)
      Microsoft.Extensions.Logging.Abstractions (>= 5.0)
      NodaTime (>= 3.0.5)
    Be.Vlaanderen.Basisregisters.DataDog.Tracing (4.5.6)
      Microsoft.Extensions.Logging.Abstractions (>= 5.0)
      Newtonsoft.Json (>= 12.0.3)
      System.Reactive (>= 5.0)
      System.Reflection (>= 4.3)
      System.Threading.Tasks.Dataflow (>= 5.0)
    Be.Vlaanderen.Basisregisters.DataDog.Tracing.AspNetCore (4.5.6)
      Be.Vlaanderen.Basisregisters.DataDog.Tracing (4.5.6)
      Serilog (>= 2.10)
    Be.Vlaanderen.Basisregisters.DataDog.Tracing.Autofac (4.5.6)
      Autofac.Extensions.DependencyInjection (>= 7.1)
      Be.Vlaanderen.Basisregisters.DataDog.Tracing (4.5.6)
      Microsoft.Extensions.Configuration (>= 5.0)
    Be.Vlaanderen.Basisregisters.DataDog.Tracing.Sql (4.5.6)
      Be.Vlaanderen.Basisregisters.DataDog.Tracing (4.5.6)
      System.Data.Common (>= 4.3)
    Be.Vlaanderen.Basisregisters.DataDog.Tracing.SqlStreamStore (4.5.6)
      Autofac (>= 6.1)
      Be.Vlaanderen.Basisregisters.DataDog.Tracing (4.5.6)
      SqlStreamStore.MsSql (>= 1.2)
      System.Data.Common (>= 4.3)
    Be.Vlaanderen.Basisregisters.EntityFrameworkCore.EntityTypeConfiguration (2.2.9)
      Microsoft.EntityFrameworkCore (>= 5.0.2)
    Be.Vlaanderen.Basisregisters.EventHandling (3.0.4)
      Be.Vlaanderen.Basisregisters.Converters.TrimString (>= 2.2.10)
      Newtonsoft.Json (>= 12.0.3)
      NodaTime.Serialization.JsonNet (>= 3.0)
    Be.Vlaanderen.Basisregisters.EventHandling.Autofac (3.0.4)
      Autofac.Extensions.DependencyInjection (>= 7.1)
      Be.Vlaanderen.Basisregisters.EventHandling (3.0.4)
    Be.Vlaanderen.Basisregisters.Generators.Guid.Deterministic (2.2.10)
    Be.Vlaanderen.Basisregisters.GrAr.Common (16.4.2)
      Be.Vlaanderen.Basisregisters.AggregateSource (>= 5.0.13)
      NodaTime (>= 3.0.5)
    Be.Vlaanderen.Basisregisters.GrAr.Extracts (16.4.2)
      Be.Vlaanderen.Basisregisters.Api (>= 13.0.2)
      Be.Vlaanderen.Basisregisters.Shaperon (>= 8.1.2)
    Be.Vlaanderen.Basisregisters.GrAr.Import (16.4.2)
      Autofac (>= 6.1)
      Be.Vlaanderen.Basisregisters.AggregateSource.SqlStreamStore (>= 5.0.13)
      Be.Vlaanderen.Basisregisters.CommandHandling (>= 5.0.13)
      Be.Vlaanderen.Basisregisters.CommandHandling.Idempotency (>= 5.0.13)
      Be.Vlaanderen.Basisregisters.Crab (>= 2.2.5)
      Be.Vlaanderen.Basisregisters.EventHandling (>= 3.0.4)
      Be.Vlaanderen.Basisregisters.Generators.Guid.Deterministic (>= 2.2.10)
      CommandLineParser (>= 2.8)
      Microsoft.Extensions.Configuration.Json (>= 5.0)
      Microsoft.Extensions.Logging (>= 5.0)
      Newtonsoft.Json (>= 12.0.3)
      Serilog (>= 2.10)
      Serilog.Extensions.Logging (>= 3.0.1)
      Serilog.Sinks.Email (>= 2.4)
      System.Threading.Tasks.Dataflow (>= 5.0)
    Be.Vlaanderen.Basisregisters.GrAr.Legacy (16.4.2)
      Be.Vlaanderen.Basisregisters.Utilities.Rfc3339DateTimeOffset (>= 2.2.9)
      Newtonsoft.Json (>= 12.0.3)
    Be.Vlaanderen.Basisregisters.GrAr.Provenance (16.4.2)
      Be.Vlaanderen.Basisregisters.CommandHandling (>= 5.0.13)
      Be.Vlaanderen.Basisregisters.Crab (>= 2.2.5)
      Be.Vlaanderen.Basisregisters.GrAr.Common (16.4.2)
      Microsoft.CSharp (>= 4.7)
    Be.Vlaanderen.Basisregisters.ProblemDetails (6.0.4)
      System.Reflection.Metadata (>= 5.0)
    Be.Vlaanderen.Basisregisters.ProjectionHandling.Connector (7.1)
      Microsoft.EntityFrameworkCore (>= 5.0.2)
    Be.Vlaanderen.Basisregisters.ProjectionHandling.Connector.Testing (7.1)
      Be.Vlaanderen.Basisregisters.ProjectionHandling.Connector (7.1)
    Be.Vlaanderen.Basisregisters.ProjectionHandling.LastChangedList (7.1)
      Autofac.Extensions.DependencyInjection (>= 7.1)
      Be.Vlaanderen.Basisregisters.AggregateSource.SqlStreamStore.Autofac (>= 5.0.13)
      Be.Vlaanderen.Basisregisters.DataDog.Tracing.Sql (>= 4.5.6)
      Be.Vlaanderen.Basisregisters.ProjectionHandling.Runner (7.1)
      Be.Vlaanderen.Basisregisters.ProjectionHandling.SqlStreamStore.Autofac (7.1)
      Microsoft.EntityFrameworkCore.SqlServer (>= 5.0.2)
      Microsoft.Extensions.DependencyInjection (>= 5.0.1)
      Polly (>= 7.2.1)
      SqlStreamStore.MsSql (>= 1.2)
    Be.Vlaanderen.Basisregisters.ProjectionHandling.Runner (7.1)
      Autofac.Extensions.DependencyInjection (>= 7.1)
      Be.Vlaanderen.Basisregisters.EntityFrameworkCore.EntityTypeConfiguration (>= 2.2.9)
      Be.Vlaanderen.Basisregisters.ProjectionHandling.Connector (7.1)
      Be.Vlaanderen.Basisregisters.ProjectionHandling.SqlStreamStore (7.1)
      Microsoft.EntityFrameworkCore.InMemory (>= 5.0.2)
      Microsoft.EntityFrameworkCore.SqlServer (>= 5.0.2)
      Microsoft.Extensions.Configuration (>= 5.0)
      Microsoft.Extensions.Configuration.CommandLine (>= 5.0)
      Microsoft.Extensions.Configuration.EnvironmentVariables (>= 5.0)
      Microsoft.Extensions.Configuration.FileExtensions (>= 5.0)
      Microsoft.Extensions.Configuration.Json (>= 5.0)
      SqlStreamStore (>= 1.2)
    Be.Vlaanderen.Basisregisters.ProjectionHandling.SqlStreamStore (7.1)
      Be.Vlaanderen.Basisregisters.EventHandling (>= 3.0.4)
      SqlStreamStore (>= 1.2)
    Be.Vlaanderen.Basisregisters.ProjectionHandling.SqlStreamStore.Autofac (7.1)
      Autofac.Extensions.DependencyInjection (>= 7.1)
      Be.Vlaanderen.Basisregisters.ProjectionHandling.SqlStreamStore (7.1)
    Be.Vlaanderen.Basisregisters.ProjectionHandling.Syndication (7.1)
      Microsoft.Extensions.Http (>= 5.0)
      Microsoft.Extensions.Logging (>= 5.0)
      Microsoft.SyndicationFeed.ReaderWriter (>= 1.0.2)
    Be.Vlaanderen.Basisregisters.Projector (10.0)
      Autofac (>= 6.1)
      Autofac.Extensions.DependencyInjection (>= 7.1)
      Be.Vlaanderen.Basisregisters.ProjectionHandling.Connector (>= 7.1)
      Be.Vlaanderen.Basisregisters.ProjectionHandling.Runner (>= 7.1)
      Dapper (>= 2.0.78)
      Microsoft.Data.SqlClient (>= 2.1.1)
      Polly (>= 7.2.1)
      System.Threading.Tasks.Dataflow (>= 5.0)
    Be.Vlaanderen.Basisregisters.Shaperon (8.1.2)
    Be.Vlaanderen.Basisregisters.Testing.Infrastructure.Events (2.3.3) - copy_local: true, copy_content_to_output_dir: always, content: true
      Be.Vlaanderen.Basisregisters.AggregateSource (>= 5.0.13)
      Be.Vlaanderen.Basisregisters.EventHandling (>= 3.0.4)
      FluentAssertions (>= 5.10.3)
      Newtonsoft.Json (>= 12.0.3)
      xunit (>= 2.4.1)
    Be.Vlaanderen.Basisregisters.Utilities.HashCodeCalculator (2.2.11)
    Be.Vlaanderen.Basisregisters.Utilities.HexByteConvertor (2.2.10)
    Be.Vlaanderen.Basisregisters.Utilities.Rfc3339DateTimeOffset (2.2.9)
      Newtonsoft.Json (>= 12.0.3)
    Be.Vlaanderen.Basisregisters.Utilities.ToStringBuilder (2.2.14)
    BlackFox.VsWhere (1.1)
      FSharp.Core (>= 4.2.3)
      Microsoft.Win32.Registry (>= 4.7)
    CommandLineParser (2.8)
    CompareNETObjects (4.71)
      Microsoft.CSharp (>= 4.7)
    CsvHelper (22.1.1)
    Dapper (2.0.78)
    DotLiquid (2.0.366)
    Fake.Core.CommandLineParsing (5.20.3)
      FParsec (>= 1.1.1)
      FSharp.Core (>= 4.7.2)
    Fake.Core.Context (5.20.3)
      FSharp.Core (>= 4.7.2)
    Fake.Core.Environment (5.20.3)
      FSharp.Core (>= 4.7.2)
    Fake.Core.FakeVar (5.20.3)
      Fake.Core.Context (>= 5.20.3)
      FSharp.Core (>= 4.7.2)
    Fake.Core.Process (5.20.3)
      Fake.Core.Environment (>= 5.20.3)
      Fake.Core.FakeVar (>= 5.20.3)
      Fake.Core.String (>= 5.20.3)
      Fake.Core.Trace (>= 5.20.3)
      Fake.IO.FileSystem (>= 5.20.3)
      FSharp.Core (>= 4.7.2)
      System.Collections.Immutable (>= 1.7.1)
    Fake.Core.SemVer (5.20.3)
      FSharp.Core (>= 4.7.2)
    Fake.Core.String (5.20.3)
      FSharp.Core (>= 4.7.2)
    Fake.Core.Target (5.20.3)
      Fake.Core.CommandLineParsing (>= 5.20.3)
      Fake.Core.Context (>= 5.20.3)
      Fake.Core.Environment (>= 5.20.3)
      Fake.Core.FakeVar (>= 5.20.3)
      Fake.Core.Process (>= 5.20.3)
      Fake.Core.String (>= 5.20.3)
      Fake.Core.Trace (>= 5.20.3)
      FSharp.Control.Reactive (>= 4.4.2)
      FSharp.Core (>= 4.7.2)
    Fake.Core.Tasks (5.20.3)
      Fake.Core.Trace (>= 5.20.3)
      FSharp.Core (>= 4.7.2)
    Fake.Core.Trace (5.20.3)
      Fake.Core.Environment (>= 5.20.3)
      Fake.Core.FakeVar (>= 5.20.3)
      FSharp.Core (>= 4.7.2)
    Fake.Core.Xml (5.20.3)
      Fake.Core.String (>= 5.20.3)
      FSharp.Core (>= 4.7.2)
    Fake.DotNet.AssemblyInfoFile (5.20.3)
      Fake.Core.Environment (>= 5.20.3)
      Fake.Core.String (>= 5.20.3)
      Fake.Core.Trace (>= 5.20.3)
      Fake.IO.FileSystem (>= 5.20.3)
      FSharp.Core (>= 4.7.2)
    Fake.DotNet.Cli (5.20.3)
      Fake.Core.Environment (>= 5.20.3)
      Fake.Core.Process (>= 5.20.3)
      Fake.Core.String (>= 5.20.3)
      Fake.Core.Trace (>= 5.20.3)
      Fake.DotNet.MSBuild (>= 5.20.3)
      Fake.DotNet.NuGet (>= 5.20.3)
      Fake.IO.FileSystem (>= 5.20.3)
      FSharp.Core (>= 4.7.2)
      Mono.Posix.NETStandard (>= 1.0)
      Newtonsoft.Json (>= 12.0.3)
    Fake.DotNet.MSBuild (5.20.3)
      BlackFox.VsWhere (>= 1.1)
      Fake.Core.Environment (>= 5.20.3)
      Fake.Core.Process (>= 5.20.3)
      Fake.Core.String (>= 5.20.3)
      Fake.Core.Trace (>= 5.20.3)
      Fake.IO.FileSystem (>= 5.20.3)
      FSharp.Core (>= 4.7.2)
      MSBuild.StructuredLogger (>= 2.1.176)
    Fake.DotNet.NuGet (5.20.3)
      Fake.Core.Environment (>= 5.20.3)
      Fake.Core.Process (>= 5.20.3)
      Fake.Core.SemVer (>= 5.20.3)
      Fake.Core.String (>= 5.20.3)
      Fake.Core.Tasks (>= 5.20.3)
      Fake.Core.Trace (>= 5.20.3)
      Fake.Core.Xml (>= 5.20.3)
      Fake.IO.FileSystem (>= 5.20.3)
      Fake.Net.Http (>= 5.20.3)
      FSharp.Core (>= 4.7.2)
      Newtonsoft.Json (>= 12.0.3)
      NuGet.Protocol (>= 5.6)
    Fake.DotNet.Paket (5.20.3)
      Fake.Core.Process (>= 5.20.3)
      Fake.Core.String (>= 5.20.3)
      Fake.Core.Trace (>= 5.20.3)
      Fake.DotNet.Cli (>= 5.20.3)
      Fake.IO.FileSystem (>= 5.20.3)
      FSharp.Core (>= 4.7.2)
    Fake.IO.FileSystem (5.20.3)
      Fake.Core.String (>= 5.20.3)
      FSharp.Core (>= 4.7.2)
    Fake.JavaScript.Npm (5.20.3)
      Fake.Core.Environment (>= 5.20.3)
      Fake.Core.Process (>= 5.20.3)
      Fake.IO.FileSystem (>= 5.20.3)
      Fake.Testing.Common (>= 5.20.3)
      FSharp.Core (>= 4.7.2)
    Fake.Net.Http (5.20.3)
      Fake.Core.Trace (>= 5.20.3)
      FSharp.Core (>= 4.7.2)
    Fake.Testing.Common (5.20.3)
      Fake.Core.Trace (>= 5.20.3)
      FSharp.Core (>= 4.7.2)
    Fare (2.1.2)
      NETStandard.Library (>= 1.6.1)
    FluentAssertions (5.10.3)
      System.Configuration.ConfigurationManager (>= 4.4)
    FluentValidation (9.5)
    FluentValidation.AspNetCore (9.5)
      FluentValidation (>= 9.5)
      FluentValidation.DependencyInjectionExtensions (>= 9.5)
    FluentValidation.DependencyInjectionExtensions (9.5)
      FluentValidation (>= 9.5)
      Microsoft.Extensions.DependencyInjection.Abstractions (>= 2.1)
    FParsec (1.1.1)
      FSharp.Core (>= 4.3.4)
    FSharp.Control.Reactive (4.5)
      FSharp.Core (>= 4.7.2)
      System.Reactive (>= 4.4.1)
    FSharp.Core (5.0)
    GeoJSON.Net (1.2.19)
      Newtonsoft.Json (>= 10.0.2)
    HtmlAgilityPack (1.11.30)
    Humanizer.Core (2.8.26)
    MailKit (2.10.1)
      MimeKit (>= 2.10.1)
    Microsoft.AspNetCore.Diagnostics.EntityFrameworkCore (5.0.2)
      Microsoft.EntityFrameworkCore.Relational (>= 5.0.2)
    Microsoft.AspNetCore.Hosting.Abstractions (2.2)
      Microsoft.AspNetCore.Hosting.Server.Abstractions (>= 2.2)
      Microsoft.AspNetCore.Http.Abstractions (>= 2.2)
      Microsoft.Extensions.Hosting.Abstractions (>= 2.2)
    Microsoft.AspNetCore.Hosting.Server.Abstractions (2.2)
      Microsoft.AspNetCore.Http.Features (>= 2.2)
      Microsoft.Extensions.Configuration.Abstractions (>= 2.2)
    Microsoft.AspNetCore.Http.Abstractions (2.2)
      Microsoft.AspNetCore.Http.Features (>= 2.2)
      System.Text.Encodings.Web (>= 4.5)
    Microsoft.AspNetCore.Http.Extensions (2.2)
      Microsoft.AspNetCore.Http.Abstractions (>= 2.2)
      Microsoft.Extensions.FileProviders.Abstractions (>= 2.2)
      Microsoft.Net.Http.Headers (>= 2.2)
      System.Buffers (>= 4.5)
    Microsoft.AspNetCore.Http.Features (5.0.2)
      Microsoft.Extensions.Primitives (>= 5.0)
      System.IO.Pipelines (>= 5.0.1)
    Microsoft.AspNetCore.JsonPatch (5.0.2)
      Microsoft.CSharp (>= 4.7)
      Newtonsoft.Json (>= 12.0.2)
    Microsoft.AspNetCore.Mvc.NewtonsoftJson (5.0.2)
      Microsoft.AspNetCore.JsonPatch (>= 5.0.2)
      Newtonsoft.Json (>= 12.0.2)
      Newtonsoft.Json.Bson (>= 1.0.2)
    Microsoft.AspNetCore.Mvc.Versioning (4.2)
    Microsoft.AspNetCore.Mvc.Versioning.ApiExplorer (4.2)
      Microsoft.AspNetCore.Mvc.Versioning (>= 4.2)
    Microsoft.Build (16.8)
      Microsoft.Build.Framework (>= 16.8)
      Microsoft.Win32.Registry (>= 4.3)
      System.Collections.Immutable (>= 1.5)
      System.Memory (>= 4.5.3)
      System.Reflection.Metadata (>= 1.6)
      System.Security.Principal.Windows (>= 4.7)
      System.Text.Encoding.CodePages (>= 4.0.1)
      System.Text.Json (>= 4.7)
      System.Threading.Tasks.Dataflow (>= 4.9)
    Microsoft.Build.Framework (16.8)
      System.Security.Permissions (>= 4.7)
    Microsoft.Build.Tasks.Core (16.8)
      Microsoft.Build.Framework (>= 16.8)
      Microsoft.Build.Utilities.Core (>= 16.8)
      Microsoft.Win32.Registry (>= 4.3)
      System.CodeDom (>= 4.4)
      System.Collections.Immutable (>= 1.5)
      System.Reflection.Metadata (>= 1.6)
      System.Reflection.TypeExtensions (>= 4.1)
      System.Resources.Extensions (>= 4.6)
      System.Runtime.InteropServices (>= 4.3)
      System.Security.Cryptography.Pkcs (>= 4.7)
      System.Security.Cryptography.Xml (>= 4.7)
      System.Security.Permissions (>= 4.7)
      System.Threading.Tasks.Dataflow (>= 4.9)
    Microsoft.Build.Utilities.Core (16.8)
      Microsoft.Build.Framework (>= 16.8)
      Microsoft.Win32.Registry (>= 4.3)
      System.Collections.Immutable (>= 1.5)
      System.Security.Permissions (>= 4.7)
      System.Text.Encoding.CodePages (>= 4.0.1)
    Microsoft.CodeCoverage (16.8.3)
    Microsoft.CSharp (4.7)
    Microsoft.Data.SqlClient (2.1.1)
      Microsoft.Data.SqlClient.SNI.runtime (>= 2.1.1)
      Microsoft.Identity.Client (>= 4.21.1)
      Microsoft.IdentityModel.JsonWebTokens (>= 6.8)
      Microsoft.IdentityModel.Protocols.OpenIdConnect (>= 6.8)
      Microsoft.Win32.Registry (>= 4.7)
      System.Configuration.ConfigurationManager (>= 4.7)
      System.Diagnostics.DiagnosticSource (>= 4.7)
      System.Runtime.Caching (>= 4.7)
      System.Security.Principal.Windows (>= 4.7)
      System.Text.Encoding.CodePages (>= 4.7)
    Microsoft.Data.SqlClient.SNI.runtime (2.1.1)
    Microsoft.EntityFrameworkCore (5.0.2)
      Microsoft.EntityFrameworkCore.Abstractions (>= 5.0.2)
      Microsoft.EntityFrameworkCore.Analyzers (>= 5.0.2)
      Microsoft.Extensions.Caching.Memory (>= 5.0)
      Microsoft.Extensions.DependencyInjection (>= 5.0.1)
      Microsoft.Extensions.Logging (>= 5.0)
      System.Collections.Immutable (>= 5.0)
      System.ComponentModel.Annotations (>= 5.0)
      System.Diagnostics.DiagnosticSource (>= 5.0.1)
    Microsoft.EntityFrameworkCore.Abstractions (5.0.2)
    Microsoft.EntityFrameworkCore.Analyzers (5.0.2)
    Microsoft.EntityFrameworkCore.Design (5.0.2)
      Humanizer.Core (>= 2.8.26)
      Microsoft.CSharp (>= 4.7)
      Microsoft.EntityFrameworkCore.Relational (>= 5.0.2)
    Microsoft.EntityFrameworkCore.InMemory (5.0.2)
      Microsoft.EntityFrameworkCore (>= 5.0.2)
    Microsoft.EntityFrameworkCore.Relational (5.0.2)
      Microsoft.EntityFrameworkCore (>= 5.0.2)
      Microsoft.Extensions.Configuration.Abstractions (>= 5.0)
    Microsoft.EntityFrameworkCore.SqlServer (5.0.2)
      Microsoft.Data.SqlClient (>= 2.0.1)
      Microsoft.EntityFrameworkCore.Relational (>= 5.0.2)
    Microsoft.Extensions.ApiDescription.Server (5.0.2)
    Microsoft.Extensions.Caching.Abstractions (5.0)
      Microsoft.Extensions.Primitives (>= 5.0)
    Microsoft.Extensions.Caching.Memory (5.0)
      Microsoft.Extensions.Caching.Abstractions (>= 5.0)
      Microsoft.Extensions.DependencyInjection.Abstractions (>= 5.0)
      Microsoft.Extensions.Logging.Abstractions (>= 5.0)
      Microsoft.Extensions.Options (>= 5.0)
      Microsoft.Extensions.Primitives (>= 5.0)
    Microsoft.Extensions.Configuration (5.0)
      Microsoft.Extensions.Configuration.Abstractions (>= 5.0)
      Microsoft.Extensions.Primitives (>= 5.0)
    Microsoft.Extensions.Configuration.Abstractions (5.0)
      Microsoft.Extensions.Primitives (>= 5.0)
    Microsoft.Extensions.Configuration.Binder (5.0)
      Microsoft.Extensions.Configuration.Abstractions (>= 5.0)
    Microsoft.Extensions.Configuration.CommandLine (5.0)
      Microsoft.Extensions.Configuration (>= 5.0)
      Microsoft.Extensions.Configuration.Abstractions (>= 5.0)
    Microsoft.Extensions.Configuration.EnvironmentVariables (5.0)
      Microsoft.Extensions.Configuration (>= 5.0)
      Microsoft.Extensions.Configuration.Abstractions (>= 5.0)
    Microsoft.Extensions.Configuration.FileExtensions (5.0)
      Microsoft.Extensions.Configuration (>= 5.0)
      Microsoft.Extensions.Configuration.Abstractions (>= 5.0)
      Microsoft.Extensions.FileProviders.Abstractions (>= 5.0)
      Microsoft.Extensions.FileProviders.Physical (>= 5.0)
      Microsoft.Extensions.Primitives (>= 5.0)
    Microsoft.Extensions.Configuration.Json (5.0)
      Microsoft.Extensions.Configuration (>= 5.0)
      Microsoft.Extensions.Configuration.Abstractions (>= 5.0)
      Microsoft.Extensions.Configuration.FileExtensions (>= 5.0)
      Microsoft.Extensions.FileProviders.Abstractions (>= 5.0)
    Microsoft.Extensions.DependencyInjection (5.0.1)
      Microsoft.Extensions.DependencyInjection.Abstractions (>= 5.0)
    Microsoft.Extensions.DependencyInjection.Abstractions (5.0)
    Microsoft.Extensions.DependencyModel (5.0)
    Microsoft.Extensions.Diagnostics.HealthChecks (5.0.2)
      Microsoft.Extensions.Diagnostics.HealthChecks.Abstractions (>= 5.0.2)
      Microsoft.Extensions.Hosting.Abstractions (>= 5.0)
      Microsoft.Extensions.Logging.Abstractions (>= 5.0)
      Microsoft.Extensions.Options (>= 5.0)
    Microsoft.Extensions.Diagnostics.HealthChecks.Abstractions (5.0.2)
    Microsoft.Extensions.Diagnostics.HealthChecks.EntityFrameworkCore (5.0.2)
      Microsoft.EntityFrameworkCore.Relational (>= 5.0.2)
      Microsoft.Extensions.Diagnostics.HealthChecks (>= 5.0.2)
      Microsoft.Extensions.Diagnostics.HealthChecks.Abstractions (>= 5.0.2)
    Microsoft.Extensions.FileProviders.Abstractions (5.0)
      Microsoft.Extensions.Primitives (>= 5.0)
    Microsoft.Extensions.FileProviders.Embedded (5.0.2)
      Microsoft.Extensions.FileProviders.Abstractions (>= 5.0)
    Microsoft.Extensions.FileProviders.Physical (5.0)
      Microsoft.Extensions.FileProviders.Abstractions (>= 5.0)
      Microsoft.Extensions.FileSystemGlobbing (>= 5.0)
      Microsoft.Extensions.Primitives (>= 5.0)
    Microsoft.Extensions.FileSystemGlobbing (5.0)
    Microsoft.Extensions.Hosting.Abstractions (5.0)
      Microsoft.Extensions.Configuration.Abstractions (>= 5.0)
      Microsoft.Extensions.DependencyInjection.Abstractions (>= 5.0)
      Microsoft.Extensions.FileProviders.Abstractions (>= 5.0)
    Microsoft.Extensions.Http (5.0)
      Microsoft.Extensions.DependencyInjection.Abstractions (>= 5.0)
      Microsoft.Extensions.Logging (>= 5.0)
      Microsoft.Extensions.Logging.Abstractions (>= 5.0)
      Microsoft.Extensions.Options (>= 5.0)
    Microsoft.Extensions.Http.Polly (5.0.1)
      Microsoft.Extensions.Http (>= 5.0)
      Polly (>= 7.1)
      Polly.Extensions.Http (>= 3.0)
    Microsoft.Extensions.Localization (5.0.2)
      Microsoft.Extensions.DependencyInjection.Abstractions (>= 5.0)
      Microsoft.Extensions.Localization.Abstractions (>= 5.0.2)
      Microsoft.Extensions.Logging.Abstractions (>= 5.0)
      Microsoft.Extensions.Options (>= 5.0)
    Microsoft.Extensions.Localization.Abstractions (5.0.2)
    Microsoft.Extensions.Logging (5.0)
      Microsoft.Extensions.DependencyInjection (>= 5.0)
      Microsoft.Extensions.DependencyInjection.Abstractions (>= 5.0)
      Microsoft.Extensions.Logging.Abstractions (>= 5.0)
      Microsoft.Extensions.Options (>= 5.0)
    Microsoft.Extensions.Logging.Abstractions (5.0)
    Microsoft.Extensions.Options (5.0)
      Microsoft.Extensions.DependencyInjection.Abstractions (>= 5.0)
      Microsoft.Extensions.Primitives (>= 5.0)
    Microsoft.Extensions.Options.ConfigurationExtensions (5.0)
      Microsoft.Extensions.Configuration.Abstractions (>= 5.0)
      Microsoft.Extensions.Configuration.Binder (>= 5.0)
      Microsoft.Extensions.DependencyInjection.Abstractions (>= 5.0)
      Microsoft.Extensions.Options (>= 5.0)
      Microsoft.Extensions.Primitives (>= 5.0)
    Microsoft.Extensions.Primitives (5.0)
    Microsoft.Identity.Client (4.25)
      Microsoft.CSharp (>= 4.5)
      NETStandard.Library (>= 1.6.1)
      System.ComponentModel.TypeConverter (>= 4.3)
      System.Diagnostics.Process (>= 4.3)
      System.Dynamic.Runtime (>= 4.3)
      System.Private.Uri (>= 4.3.2)
      System.Runtime.Serialization.Formatters (>= 4.3)
      System.Runtime.Serialization.Json (>= 4.3)
      System.Runtime.Serialization.Primitives (>= 4.3)
      System.Security.Cryptography.X509Certificates (>= 4.3)
      System.Security.SecureString (>= 4.3)
      System.Xml.XDocument (>= 4.3)
      System.Xml.XmlDocument (>= 4.3)
    Microsoft.IdentityModel.JsonWebTokens (6.8)
      Microsoft.IdentityModel.Tokens (>= 6.8)
    Microsoft.IdentityModel.Logging (6.8)
    Microsoft.IdentityModel.Protocols (6.8)
      Microsoft.IdentityModel.Logging (>= 6.8)
      Microsoft.IdentityModel.Tokens (>= 6.8)
    Microsoft.IdentityModel.Protocols.OpenIdConnect (6.8)
      Microsoft.IdentityModel.Protocols (>= 6.8)
      System.IdentityModel.Tokens.Jwt (>= 6.8)
    Microsoft.IdentityModel.Tokens (6.8)
      Microsoft.CSharp (>= 4.5)
      Microsoft.IdentityModel.Logging (>= 6.8)
      System.Security.Cryptography.Cng (>= 4.5)
    Microsoft.Net.Http.Headers (2.2.8)
      Microsoft.Extensions.Primitives (>= 2.2)
      System.Buffers (>= 4.5)
    Microsoft.NET.Test.Sdk (16.8.3)
      Microsoft.CodeCoverage (>= 16.8.3)
      Microsoft.TestPlatform.TestHost (>= 16.8.3)
    Microsoft.NETCore.Platforms (5.0)
    Microsoft.NETCore.Targets (5.0)
    Microsoft.OpenApi (1.2.3)
    Microsoft.SyndicationFeed.ReaderWriter (1.0.2)
      System.Globalization (>= 4.3)
      System.Linq (>= 4.3)
      System.Runtime.Extensions (>= 4.3)
      System.Xml.ReaderWriter (>= 4.3)
    Microsoft.TestPlatform.ObjectModel (16.8.3)
      NuGet.Frameworks (>= 5.0)
      System.Reflection.Metadata (>= 1.6)
      System.Runtime.InteropServices.RuntimeInformation (>= 4.0)
    Microsoft.TestPlatform.TestHost (16.8.3)
      Microsoft.TestPlatform.ObjectModel (>= 16.8.3)
      Newtonsoft.Json (>= 9.0.1)
    Microsoft.VisualStudio.Web.BrowserLink (2.2)
      Microsoft.AspNetCore.Hosting.Abstractions (>= 2.2)
      Microsoft.AspNetCore.Http.Abstractions (>= 2.2)
      Microsoft.AspNetCore.Http.Extensions (>= 2.2)
      Microsoft.Extensions.FileProviders.Physical (>= 2.2)
    Microsoft.Win32.Primitives (4.3)
      Microsoft.NETCore.Platforms (>= 1.1)
      Microsoft.NETCore.Targets (>= 1.1)
      System.Runtime (>= 4.3)
    Microsoft.Win32.Registry (5.0)
      System.Security.AccessControl (>= 5.0)
      System.Security.Principal.Windows (>= 5.0)
    Microsoft.Win32.SystemEvents (5.0)
      Microsoft.NETCore.Platforms (>= 5.0)
    MimeKit (2.10.1)
      Portable.BouncyCastle (>= 1.8.8)
      System.Buffers (>= 4.5.1)
      System.Reflection.TypeExtensions (>= 4.4)
      System.Security.Cryptography.Pkcs (>= 4.7)
      System.Text.Encoding.CodePages (>= 4.4)
    Mono.Posix.NETStandard (1.0)
    MSBuild.StructuredLogger (2.1.303)
      Microsoft.Build (>= 16.4)
      Microsoft.Build.Framework (>= 16.4)
      Microsoft.Build.Tasks.Core (>= 16.4)
      Microsoft.Build.Utilities.Core (>= 16.4)
    Namotion.Reflection (1.0.16)
      Microsoft.CSharp (>= 4.3)
    NETStandard.Library (2.0.3)
      Microsoft.NETCore.Platforms (>= 1.1)
    NetTopologySuite (2.1)
      System.Memory (>= 4.5.3)
    Newtonsoft.Json (12.0.3)
    Newtonsoft.Json.Bson (1.0.2)
      Newtonsoft.Json (>= 12.0.1)
    NJsonSchema (10.3.3)
      Namotion.Reflection (>= 1.0.15)
      Newtonsoft.Json (>= 9.0.1)
    NJsonSchema.CodeGeneration (10.3.3)
      DotLiquid (>= 2.0.314)
      Newtonsoft.Json (>= 9.0.1)
      NJsonSchema (>= 10.3.3)
    NJsonSchema.CodeGeneration.CSharp (10.3.3)
      Newtonsoft.Json (>= 9.0.1)
      NJsonSchema (>= 10.3.3)
      NJsonSchema.CodeGeneration (>= 10.3.3)
    NJsonSchema.CodeGeneration.TypeScript (10.3.3)
      Microsoft.CSharp (>= 4.3)
      Newtonsoft.Json (>= 9.0.1)
      NJsonSchema (>= 10.3.3)
      NJsonSchema.CodeGeneration (>= 10.3.3)
    NodaTime (3.0.5)
      System.Runtime.CompilerServices.Unsafe (>= 4.7.1)
    NodaTime.Serialization.JsonNet (3.0)
      Newtonsoft.Json (>= 12.0.1)
      NodaTime (>= 3.0 < 4.0)
    NSwag.CodeGeneration (13.10.1)
      Newtonsoft.Json (>= 9.0.1)
      NJsonSchema (>= 10.3.3)
      NJsonSchema.CodeGeneration (>= 10.3.3)
      NSwag.Core (>= 13.10.1)
    NSwag.CodeGeneration.CSharp (13.10.1)
      NJsonSchema.CodeGeneration.CSharp (>= 10.3.3)
      NSwag.CodeGeneration (>= 13.10.1)
    NSwag.CodeGeneration.TypeScript (13.10.1)
      NJsonSchema.CodeGeneration.TypeScript (>= 10.3.3)
      NSwag.CodeGeneration (>= 13.10.1)
    NSwag.Core (13.10.1)
      Newtonsoft.Json (>= 9.0.1)
      NJsonSchema (>= 10.3.3)
    NuGet.Common (5.8.1)
      NuGet.Frameworks (>= 5.8.1)
    NuGet.Configuration (5.8.1)
      NuGet.Common (>= 5.8.1)
      System.Security.Cryptography.ProtectedData (>= 4.4)
    NuGet.Frameworks (5.8.1)
    NuGet.Packaging (5.8.1)
      Newtonsoft.Json (>= 9.0.1)
      NuGet.Configuration (>= 5.8.1)
      NuGet.Versioning (>= 5.8.1)
      System.Security.Cryptography.Cng (>= 5.0)
      System.Security.Cryptography.Pkcs (>= 5.0)
    NuGet.Protocol (5.8.1)
      NuGet.Packaging (>= 5.8.1)
    NuGet.Versioning (5.8.1)
    Polly (7.2.1)
    Polly.Extensions.Http (3.0)
      Polly (>= 7.1)
    Portable.BouncyCastle (1.8.9)
    runtime.debian.8-x64.runtime.native.System.Security.Cryptography.OpenSsl (4.3.3)
    runtime.debian.9-x64.runtime.native.System.Security.Cryptography.OpenSsl (4.3.3)
    runtime.fedora.23-x64.runtime.native.System.Security.Cryptography.OpenSsl (4.3.3)
    runtime.fedora.24-x64.runtime.native.System.Security.Cryptography.OpenSsl (4.3.3)
    runtime.fedora.27-x64.runtime.native.System.Security.Cryptography.OpenSsl (4.3.3)
    runtime.fedora.28-x64.runtime.native.System.Security.Cryptography.OpenSsl (4.3.3)
    runtime.native.System (4.3.1)
      Microsoft.NETCore.Platforms (>= 1.1.1)
      Microsoft.NETCore.Targets (>= 1.1.3)
    runtime.native.System.Net.Http (4.3.1)
      Microsoft.NETCore.Platforms (>= 1.1.1)
      Microsoft.NETCore.Targets (>= 1.1.3)
    runtime.native.System.Security.Cryptography.Apple (4.3.1)
      runtime.osx.10.10-x64.runtime.native.System.Security.Cryptography.Apple (>= 4.3.1)
    runtime.native.System.Security.Cryptography.OpenSsl (4.3.3)
      runtime.debian.8-x64.runtime.native.System.Security.Cryptography.OpenSsl (>= 4.3.3)
      runtime.debian.9-x64.runtime.native.System.Security.Cryptography.OpenSsl (>= 4.3.3)
      runtime.fedora.23-x64.runtime.native.System.Security.Cryptography.OpenSsl (>= 4.3.3)
      runtime.fedora.24-x64.runtime.native.System.Security.Cryptography.OpenSsl (>= 4.3.3)
      runtime.fedora.27-x64.runtime.native.System.Security.Cryptography.OpenSsl (>= 4.3.3)
      runtime.fedora.28-x64.runtime.native.System.Security.Cryptography.OpenSsl (>= 4.3.3)
      runtime.opensuse.13.2-x64.runtime.native.System.Security.Cryptography.OpenSsl (>= 4.3.3)
      runtime.opensuse.42.1-x64.runtime.native.System.Security.Cryptography.OpenSsl (>= 4.3.3)
      runtime.opensuse.42.3-x64.runtime.native.System.Security.Cryptography.OpenSsl (>= 4.3.3)
      runtime.osx.10.10-x64.runtime.native.System.Security.Cryptography.OpenSsl (>= 4.3.3)
      runtime.rhel.7-x64.runtime.native.System.Security.Cryptography.OpenSsl (>= 4.3.3)
      runtime.ubuntu.14.04-x64.runtime.native.System.Security.Cryptography.OpenSsl (>= 4.3.3)
      runtime.ubuntu.16.04-x64.runtime.native.System.Security.Cryptography.OpenSsl (>= 4.3.3)
      runtime.ubuntu.16.10-x64.runtime.native.System.Security.Cryptography.OpenSsl (>= 4.3.3)
      runtime.ubuntu.18.04-x64.runtime.native.System.Security.Cryptography.OpenSsl (>= 4.3.3)
    runtime.opensuse.13.2-x64.runtime.native.System.Security.Cryptography.OpenSsl (4.3.3)
    runtime.opensuse.42.1-x64.runtime.native.System.Security.Cryptography.OpenSsl (4.3.3)
    runtime.opensuse.42.3-x64.runtime.native.System.Security.Cryptography.OpenSsl (4.3.3)
    runtime.osx.10.10-x64.runtime.native.System.Security.Cryptography.Apple (4.3.1)
    runtime.osx.10.10-x64.runtime.native.System.Security.Cryptography.OpenSsl (4.3.3)
    runtime.rhel.7-x64.runtime.native.System.Security.Cryptography.OpenSsl (4.3.3)
    runtime.ubuntu.14.04-x64.runtime.native.System.Security.Cryptography.OpenSsl (4.3.3)
    runtime.ubuntu.16.04-x64.runtime.native.System.Security.Cryptography.OpenSsl (4.3.3)
    runtime.ubuntu.16.10-x64.runtime.native.System.Security.Cryptography.OpenSsl (4.3.3)
    runtime.ubuntu.18.04-x64.runtime.native.System.Security.Cryptography.OpenSsl (4.3.3)
    Scrutor (3.3)
      Microsoft.Extensions.DependencyInjection.Abstractions (>= 3.1.9)
      Microsoft.Extensions.DependencyModel (>= 3.1.6)
    Serilog (2.10)
    Serilog.Enrichers.Environment (2.1.3)
      NETStandard.Library (>= 1.6.1)
      Serilog (>= 2.3)
    Serilog.Enrichers.Thread (3.1)
      Serilog (>= 2.3)
    Serilog.Extensions.Logging (3.0.1)
      Microsoft.Extensions.Logging (>= 2.0)
      Serilog (>= 2.8)
    Serilog.Formatting.Compact (1.1)
      Serilog (>= 2.8)
    Serilog.Settings.Configuration (3.1)
      Microsoft.Extensions.DependencyModel (>= 2.0.4)
      Microsoft.Extensions.Options.ConfigurationExtensions (>= 2.0)
      Serilog (>= 2.6)
    Serilog.Sinks.Console (3.1.1)
      Serilog (>= 2.5)
      System.Console (>= 4.3)
      System.Runtime.InteropServices (>= 4.3)
      System.Runtime.InteropServices.RuntimeInformation (>= 4.3)
    Serilog.Sinks.Email (2.4)
      MailKit (>= 2.6)
      NETStandard.Library (>= 2.0.3)
      Serilog (>= 2.9)
      Serilog.Sinks.PeriodicBatching (>= 2.3)
      System.Linq (>= 4.3)
      System.Threading (>= 4.3)
    Serilog.Sinks.File (4.1)
      Serilog (>= 2.5)
      System.IO.FileSystem (>= 4.0.1)
      System.Text.Encoding.Extensions (>= 4.0.11)
      System.Threading.Timer (>= 4.0.1)
    Serilog.Sinks.PeriodicBatching (2.3)
      Serilog (>= 2.0)
      System.Collections.Concurrent (>= 4.0.12)
      System.Threading.Timer (>= 4.0.1)
    SourceLink.Copy.PdbFiles (2.8.3) - copy_local: true
    SourceLink.Embed.AllSourceFiles (2.8.3) - copy_local: true
    SqlStreamStore (1.2)
      Microsoft.CSharp (>= 4.7)
    SqlStreamStore.MsSql (1.2)
      Microsoft.Data.SqlClient (>= 1.1)
      SqlStreamStore (>= 1.2)
    Structurizr.AdrTools (0.9.3)
      NETStandard.Library (>= 1.6.1)
      Structurizr.Core (>= 0.9.3)
    Structurizr.Client (0.9.7)
      Structurizr.Core (>= 0.9.7)
      System.Net.Http (>= 4.3.2)
    Structurizr.Core (0.9.7)
      Newtonsoft.Json (>= 10.0.3)
    Swashbuckle.AspNetCore (5.6.3)
      Microsoft.Extensions.ApiDescription.Server (>= 3.0)
      Swashbuckle.AspNetCore.Swagger (>= 5.6.3)
      Swashbuckle.AspNetCore.SwaggerGen (>= 5.6.3)
      Swashbuckle.AspNetCore.SwaggerUI (>= 5.6.3)
    Swashbuckle.AspNetCore.Annotations (5.6.3)
      Swashbuckle.AspNetCore.SwaggerGen (>= 5.6.3)
    Swashbuckle.AspNetCore.Filters (6.0.1)
      Microsoft.Extensions.DependencyInjection (>= 2.1)
      Microsoft.OpenApi (>= 1.2.2)
      Newtonsoft.Json (>= 12.0.3)
      Scrutor (>= 3.0.1)
      Swashbuckle.AspNetCore (>= 5.0)
      Swashbuckle.AspNetCore.Annotations (>= 5.0)
    Swashbuckle.AspNetCore.Newtonsoft (5.6.3)
      Microsoft.AspNetCore.Mvc.NewtonsoftJson (>= 3.0)
      Swashbuckle.AspNetCore.SwaggerGen (>= 5.6.3)
    Swashbuckle.AspNetCore.Swagger (5.6.3)
      Microsoft.OpenApi (>= 1.2.3)
    Swashbuckle.AspNetCore.SwaggerGen (5.6.3)
      Swashbuckle.AspNetCore.Swagger (>= 5.6.3)
    Swashbuckle.AspNetCore.SwaggerUI (5.6.3)
    System.Buffers (4.5.1)
    System.CodeDom (5.0)
    System.Collections (4.3)
      Microsoft.NETCore.Platforms (>= 1.1)
      Microsoft.NETCore.Targets (>= 1.1)
      System.Runtime (>= 4.3)
    System.Collections.Concurrent (4.3)
      System.Collections (>= 4.3)
      System.Diagnostics.Debug (>= 4.3)
      System.Diagnostics.Tracing (>= 4.3)
      System.Globalization (>= 4.3)
      System.Reflection (>= 4.3)
      System.Resources.ResourceManager (>= 4.3)
      System.Runtime (>= 4.3)
      System.Runtime.Extensions (>= 4.3)
      System.Threading (>= 4.3)
      System.Threading.Tasks (>= 4.3)
    System.Collections.Immutable (5.0)
    System.Collections.NonGeneric (4.3)
      System.Diagnostics.Debug (>= 4.3)
      System.Globalization (>= 4.3)
      System.Resources.ResourceManager (>= 4.3)
      System.Runtime (>= 4.3)
      System.Runtime.Extensions (>= 4.3)
      System.Threading (>= 4.3)
    System.Collections.Specialized (4.3)
      System.Collections.NonGeneric (>= 4.3)
      System.Globalization (>= 4.3)
      System.Globalization.Extensions (>= 4.3)
      System.Resources.ResourceManager (>= 4.3)
      System.Runtime (>= 4.3)
      System.Runtime.Extensions (>= 4.3)
      System.Threading (>= 4.3)
    System.ComponentModel (4.3)
      System.Runtime (>= 4.3)
    System.ComponentModel.Annotations (5.0)
    System.ComponentModel.Primitives (4.3)
      System.ComponentModel (>= 4.3)
      System.Resources.ResourceManager (>= 4.3)
      System.Runtime (>= 4.3)
    System.ComponentModel.TypeConverter (4.3)
      System.Collections (>= 4.3)
      System.Collections.NonGeneric (>= 4.3)
      System.Collections.Specialized (>= 4.3)
      System.ComponentModel (>= 4.3)
      System.ComponentModel.Primitives (>= 4.3)
      System.Globalization (>= 4.3)
      System.Linq (>= 4.3)
      System.Reflection (>= 4.3)
      System.Reflection.Extensions (>= 4.3)
      System.Reflection.Primitives (>= 4.3)
      System.Reflection.TypeExtensions (>= 4.3)
      System.Resources.ResourceManager (>= 4.3)
      System.Runtime (>= 4.3)
      System.Runtime.Extensions (>= 4.3)
      System.Threading (>= 4.3)
    System.Configuration.ConfigurationManager (5.0)
      System.Security.Cryptography.ProtectedData (>= 5.0)
      System.Security.Permissions (>= 5.0)
    System.Console (4.3.1)
      Microsoft.NETCore.Platforms (>= 1.1)
      Microsoft.NETCore.Targets (>= 1.1.2)
      System.IO (>= 4.3)
      System.Runtime (>= 4.3)
      System.Text.Encoding (>= 4.3)
    System.Data.Common (4.3)
      System.Collections (>= 4.3)
      System.Globalization (>= 4.3)
      System.IO (>= 4.3)
      System.Resources.ResourceManager (>= 4.3)
      System.Runtime (>= 4.3)
      System.Runtime.Extensions (>= 4.3)
      System.Text.RegularExpressions (>= 4.3)
      System.Threading.Tasks (>= 4.3)
    System.Diagnostics.Debug (4.3)
      Microsoft.NETCore.Platforms (>= 1.1)
      Microsoft.NETCore.Targets (>= 1.1)
      System.Runtime (>= 4.3)
    System.Diagnostics.DiagnosticSource (5.0.1)
    System.Diagnostics.Process (4.3)
      Microsoft.NETCore.Platforms (>= 1.1)
      Microsoft.Win32.Primitives (>= 4.3)
      Microsoft.Win32.Registry (>= 4.3)
      runtime.native.System (>= 4.3)
      System.Collections (>= 4.3)
      System.Diagnostics.Debug (>= 4.3)
      System.Globalization (>= 4.3)
      System.IO (>= 4.3)
      System.IO.FileSystem (>= 4.3)
      System.IO.FileSystem.Primitives (>= 4.3)
      System.Resources.ResourceManager (>= 4.3)
      System.Runtime (>= 4.3)
      System.Runtime.Extensions (>= 4.3)
      System.Runtime.Handles (>= 4.3)
      System.Runtime.InteropServices (>= 4.3)
      System.Text.Encoding (>= 4.3)
      System.Text.Encoding.Extensions (>= 4.3)
      System.Threading (>= 4.3)
      System.Threading.Tasks (>= 4.3)
      System.Threading.Thread (>= 4.3)
      System.Threading.ThreadPool (>= 4.3)
    System.Diagnostics.Tools (4.3)
      Microsoft.NETCore.Platforms (>= 1.1)
      Microsoft.NETCore.Targets (>= 1.1)
      System.Runtime (>= 4.3)
    System.Diagnostics.Tracing (4.3)
      Microsoft.NETCore.Platforms (>= 1.1)
      Microsoft.NETCore.Targets (>= 1.1)
      System.Runtime (>= 4.3)
    System.Drawing.Common (5.0)
      Microsoft.Win32.SystemEvents (>= 5.0)
    System.Dynamic.Runtime (4.3)
      System.Collections (>= 4.3)
      System.Diagnostics.Debug (>= 4.3)
      System.Linq (>= 4.3)
      System.Linq.Expressions (>= 4.3)
      System.ObjectModel (>= 4.3)
      System.Reflection (>= 4.3)
      System.Reflection.Emit (>= 4.3)
      System.Reflection.Emit.ILGeneration (>= 4.3)
      System.Reflection.Primitives (>= 4.3)
      System.Reflection.TypeExtensions (>= 4.3)
      System.Resources.ResourceManager (>= 4.3)
      System.Runtime (>= 4.3)
      System.Runtime.Extensions (>= 4.3)
      System.Threading (>= 4.3)
    System.Formats.Asn1 (5.0)
    System.Globalization (4.3)
      Microsoft.NETCore.Platforms (>= 1.1)
      Microsoft.NETCore.Targets (>= 1.1)
      System.Runtime (>= 4.3)
    System.Globalization.Calendars (4.3)
      Microsoft.NETCore.Platforms (>= 1.1)
      Microsoft.NETCore.Targets (>= 1.1)
      System.Globalization (>= 4.3)
      System.Runtime (>= 4.3)
    System.Globalization.Extensions (4.3)
      Microsoft.NETCore.Platforms (>= 1.1)
      System.Globalization (>= 4.3)
      System.Resources.ResourceManager (>= 4.3)
      System.Runtime (>= 4.3)
      System.Runtime.Extensions (>= 4.3)
      System.Runtime.InteropServices (>= 4.3)
    System.IdentityModel.Tokens.Jwt (6.8)
      Microsoft.IdentityModel.JsonWebTokens (>= 6.8)
      Microsoft.IdentityModel.Tokens (>= 6.8)
    System.IO (4.3)
      Microsoft.NETCore.Platforms (>= 1.1)
      Microsoft.NETCore.Targets (>= 1.1)
      System.Runtime (>= 4.3)
      System.Text.Encoding (>= 4.3)
      System.Threading.Tasks (>= 4.3)
    System.IO.FileSystem (4.3)
      Microsoft.NETCore.Platforms (>= 1.1)
      Microsoft.NETCore.Targets (>= 1.1)
      System.IO (>= 4.3)
      System.IO.FileSystem.Primitives (>= 4.3)
      System.Runtime (>= 4.3)
      System.Runtime.Handles (>= 4.3)
      System.Text.Encoding (>= 4.3)
      System.Threading.Tasks (>= 4.3)
    System.IO.FileSystem.Primitives (4.3)
      System.Runtime (>= 4.3)
    System.IO.Pipelines (5.0.1)
    System.Linq (4.3)
      System.Collections (>= 4.3)
      System.Diagnostics.Debug (>= 4.3)
      System.Resources.ResourceManager (>= 4.3)
      System.Runtime (>= 4.3)
      System.Runtime.Extensions (>= 4.3)
    System.Linq.Expressions (4.3)
      System.Collections (>= 4.3)
      System.Diagnostics.Debug (>= 4.3)
      System.Globalization (>= 4.3)
      System.IO (>= 4.3)
      System.Linq (>= 4.3)
      System.ObjectModel (>= 4.3)
      System.Reflection (>= 4.3)
      System.Reflection.Emit (>= 4.3)
      System.Reflection.Emit.ILGeneration (>= 4.3)
      System.Reflection.Emit.Lightweight (>= 4.3)
      System.Reflection.Extensions (>= 4.3)
      System.Reflection.Primitives (>= 4.3)
      System.Reflection.TypeExtensions (>= 4.3)
      System.Resources.ResourceManager (>= 4.3)
      System.Runtime (>= 4.3)
      System.Runtime.Extensions (>= 4.3)
      System.Threading (>= 4.3)
    System.Memory (4.5.4)
    System.Net.Http (4.3.4)
      Microsoft.NETCore.Platforms (>= 1.1.1)
      runtime.native.System (>= 4.3)
      runtime.native.System.Net.Http (>= 4.3)
      runtime.native.System.Security.Cryptography.OpenSsl (>= 4.3.2)
      System.Collections (>= 4.3)
      System.Diagnostics.Debug (>= 4.3)
      System.Diagnostics.DiagnosticSource (>= 4.3)
      System.Diagnostics.Tracing (>= 4.3)
      System.Globalization (>= 4.3)
      System.Globalization.Extensions (>= 4.3)
      System.IO (>= 4.3)
      System.IO.FileSystem (>= 4.3)
      System.Net.Primitives (>= 4.3)
      System.Resources.ResourceManager (>= 4.3)
      System.Runtime (>= 4.3)
      System.Runtime.Extensions (>= 4.3)
      System.Runtime.Handles (>= 4.3)
      System.Runtime.InteropServices (>= 4.3)
      System.Security.Cryptography.Algorithms (>= 4.3)
      System.Security.Cryptography.Encoding (>= 4.3)
      System.Security.Cryptography.OpenSsl (>= 4.3)
      System.Security.Cryptography.Primitives (>= 4.3)
      System.Security.Cryptography.X509Certificates (>= 4.3)
      System.Text.Encoding (>= 4.3)
      System.Threading (>= 4.3)
      System.Threading.Tasks (>= 4.3)
    System.Net.Primitives (4.3.1)
      Microsoft.NETCore.Platforms (>= 1.1.1)
      Microsoft.NETCore.Targets (>= 1.1.3)
      System.Runtime (>= 4.3.1)
      System.Runtime.Handles (>= 4.3)
    System.ObjectModel (4.3)
      System.Collections (>= 4.3)
      System.Diagnostics.Debug (>= 4.3)
      System.Resources.ResourceManager (>= 4.3)
      System.Runtime (>= 4.3)
      System.Threading (>= 4.3)
    System.Private.DataContractSerialization (4.3)
      System.Collections (>= 4.3)
      System.Collections.Concurrent (>= 4.3)
      System.Diagnostics.Debug (>= 4.3)
      System.Globalization (>= 4.3)
      System.IO (>= 4.3)
      System.Linq (>= 4.3)
      System.Reflection (>= 4.3)
      System.Reflection.Emit.ILGeneration (>= 4.3)
      System.Reflection.Emit.Lightweight (>= 4.3)
      System.Reflection.Extensions (>= 4.3)
      System.Reflection.Primitives (>= 4.3)
      System.Reflection.TypeExtensions (>= 4.3)
      System.Resources.ResourceManager (>= 4.3)
      System.Runtime (>= 4.3)
      System.Runtime.Extensions (>= 4.3)
      System.Runtime.Serialization.Primitives (>= 4.3)
      System.Text.Encoding (>= 4.3)
      System.Text.Encoding.Extensions (>= 4.3)
      System.Text.RegularExpressions (>= 4.3)
      System.Threading (>= 4.3)
      System.Threading.Tasks (>= 4.3)
      System.Xml.ReaderWriter (>= 4.3)
      System.Xml.XDocument (>= 4.3)
      System.Xml.XmlDocument (>= 4.3)
      System.Xml.XmlSerializer (>= 4.3)
    System.Private.Uri (4.3.2)
      Microsoft.NETCore.Platforms (>= 1.1.1)
      Microsoft.NETCore.Targets (>= 1.1.3)
    System.Reactive (5.0)
    System.Reflection (4.3)
      Microsoft.NETCore.Platforms (>= 1.1)
      Microsoft.NETCore.Targets (>= 1.1)
      System.IO (>= 4.3)
      System.Reflection.Primitives (>= 4.3)
      System.Runtime (>= 4.3)
    System.Reflection.Emit (4.7)
    System.Reflection.Emit.ILGeneration (4.7)
    System.Reflection.Emit.Lightweight (4.7)
    System.Reflection.Extensions (4.3)
      Microsoft.NETCore.Platforms (>= 1.1)
      Microsoft.NETCore.Targets (>= 1.1)
      System.Reflection (>= 4.3)
      System.Runtime (>= 4.3)
    System.Reflection.Metadata (5.0)
    System.Reflection.Primitives (4.3)
      Microsoft.NETCore.Platforms (>= 1.1)
      Microsoft.NETCore.Targets (>= 1.1)
      System.Runtime (>= 4.3)
    System.Reflection.TypeExtensions (4.7)
    System.Resources.Extensions (5.0)
    System.Resources.ResourceManager (4.3)
      Microsoft.NETCore.Platforms (>= 1.1)
      Microsoft.NETCore.Targets (>= 1.1)
      System.Globalization (>= 4.3)
      System.Reflection (>= 4.3)
      System.Runtime (>= 4.3)
    System.Runtime (4.3.1)
      Microsoft.NETCore.Platforms (>= 1.1.1)
      Microsoft.NETCore.Targets (>= 1.1.3)
    System.Runtime.Caching (5.0)
      System.Configuration.ConfigurationManager (>= 5.0)
    System.Runtime.CompilerServices.Unsafe (5.0)
    System.Runtime.Extensions (4.3.1)
      Microsoft.NETCore.Platforms (>= 1.1.1)
      Microsoft.NETCore.Targets (>= 1.1.3)
      System.Runtime (>= 4.3.1)
    System.Runtime.Handles (4.3)
      Microsoft.NETCore.Platforms (>= 1.1)
      Microsoft.NETCore.Targets (>= 1.1)
      System.Runtime (>= 4.3)
    System.Runtime.InteropServices (4.3)
      Microsoft.NETCore.Platforms (>= 1.1)
      Microsoft.NETCore.Targets (>= 1.1)
      System.Reflection (>= 4.3)
      System.Reflection.Primitives (>= 4.3)
      System.Runtime (>= 4.3)
      System.Runtime.Handles (>= 4.3)
    System.Runtime.InteropServices.RuntimeInformation (4.3)
      runtime.native.System (>= 4.3)
      System.Reflection (>= 4.3)
      System.Reflection.Extensions (>= 4.3)
      System.Resources.ResourceManager (>= 4.3)
      System.Runtime (>= 4.3)
      System.Runtime.InteropServices (>= 4.3)
      System.Threading (>= 4.3)
    System.Runtime.Numerics (4.3)
      System.Globalization (>= 4.3)
      System.Resources.ResourceManager (>= 4.3)
      System.Runtime (>= 4.3)
      System.Runtime.Extensions (>= 4.3)
    System.Runtime.Serialization.Formatters (4.3)
      System.Collections (>= 4.3)
      System.Reflection (>= 4.3)
      System.Resources.ResourceManager (>= 4.3)
      System.Runtime (>= 4.3)
      System.Runtime.Serialization.Primitives (>= 4.3)
    System.Runtime.Serialization.Json (4.3)
      System.IO (>= 4.3)
      System.Private.DataContractSerialization (>= 4.3)
      System.Runtime (>= 4.3)
    System.Runtime.Serialization.Primitives (4.3)
      System.Resources.ResourceManager (>= 4.3)
      System.Runtime (>= 4.3)
    System.Security.AccessControl (5.0)
      Microsoft.NETCore.Platforms (>= 5.0)
      System.Security.Principal.Windows (>= 5.0)
    System.Security.Cryptography.Algorithms (4.3.1)
      Microsoft.NETCore.Platforms (>= 1.1)
      runtime.native.System.Security.Cryptography.Apple (>= 4.3.1)
      runtime.native.System.Security.Cryptography.OpenSsl (>= 4.3.2)
      System.Collections (>= 4.3)
      System.IO (>= 4.3)
      System.Resources.ResourceManager (>= 4.3)
      System.Runtime (>= 4.3)
      System.Runtime.Extensions (>= 4.3)
      System.Runtime.Handles (>= 4.3)
      System.Runtime.InteropServices (>= 4.3)
      System.Runtime.Numerics (>= 4.3)
      System.Security.Cryptography.Encoding (>= 4.3)
      System.Security.Cryptography.Primitives (>= 4.3)
      System.Text.Encoding (>= 4.3)
    System.Security.Cryptography.Cng (5.0)
      System.Formats.Asn1 (>= 5.0)
    System.Security.Cryptography.Csp (4.3)
      Microsoft.NETCore.Platforms (>= 1.1)
      System.IO (>= 4.3)
      System.Reflection (>= 4.3)
      System.Resources.ResourceManager (>= 4.3)
      System.Runtime (>= 4.3)
      System.Runtime.Extensions (>= 4.3)
      System.Runtime.Handles (>= 4.3)
      System.Runtime.InteropServices (>= 4.3)
      System.Security.Cryptography.Algorithms (>= 4.3)
      System.Security.Cryptography.Encoding (>= 4.3)
      System.Security.Cryptography.Primitives (>= 4.3)
      System.Text.Encoding (>= 4.3)
      System.Threading (>= 4.3)
    System.Security.Cryptography.Encoding (4.3)
      Microsoft.NETCore.Platforms (>= 1.1)
      runtime.native.System.Security.Cryptography.OpenSsl (>= 4.3)
      System.Collections (>= 4.3)
      System.Collections.Concurrent (>= 4.3)
      System.Linq (>= 4.3)
      System.Resources.ResourceManager (>= 4.3)
      System.Runtime (>= 4.3)
      System.Runtime.Extensions (>= 4.3)
      System.Runtime.Handles (>= 4.3)
      System.Runtime.InteropServices (>= 4.3)
      System.Security.Cryptography.Primitives (>= 4.3)
      System.Text.Encoding (>= 4.3)
    System.Security.Cryptography.OpenSsl (5.0)
      System.Formats.Asn1 (>= 5.0)
    System.Security.Cryptography.Pkcs (5.0.1)
      System.Formats.Asn1 (>= 5.0)
      System.Security.Cryptography.Cng (>= 5.0)
    System.Security.Cryptography.Primitives (4.3)
      System.Diagnostics.Debug (>= 4.3)
      System.Globalization (>= 4.3)
      System.IO (>= 4.3)
      System.Resources.ResourceManager (>= 4.3)
      System.Runtime (>= 4.3)
      System.Threading (>= 4.3)
      System.Threading.Tasks (>= 4.3)
    System.Security.Cryptography.ProtectedData (5.0)
    System.Security.Cryptography.X509Certificates (4.3.2)
      Microsoft.NETCore.Platforms (>= 1.1)
      runtime.native.System (>= 4.3)
      runtime.native.System.Net.Http (>= 4.3)
      runtime.native.System.Security.Cryptography.OpenSsl (>= 4.3.2)
      System.Collections (>= 4.3)
      System.Diagnostics.Debug (>= 4.3)
      System.Globalization (>= 4.3)
      System.Globalization.Calendars (>= 4.3)
      System.IO (>= 4.3)
      System.IO.FileSystem (>= 4.3)
      System.IO.FileSystem.Primitives (>= 4.3)
      System.Resources.ResourceManager (>= 4.3)
      System.Runtime (>= 4.3)
      System.Runtime.Extensions (>= 4.3)
      System.Runtime.Handles (>= 4.3)
      System.Runtime.InteropServices (>= 4.3)
      System.Runtime.Numerics (>= 4.3)
      System.Security.Cryptography.Algorithms (>= 4.3)
      System.Security.Cryptography.Cng (>= 4.3)
      System.Security.Cryptography.Csp (>= 4.3)
      System.Security.Cryptography.Encoding (>= 4.3)
      System.Security.Cryptography.OpenSsl (>= 4.3)
      System.Security.Cryptography.Primitives (>= 4.3)
      System.Text.Encoding (>= 4.3)
      System.Threading (>= 4.3)
    System.Security.Cryptography.Xml (5.0)
      System.Security.Cryptography.Pkcs (>= 5.0)
      System.Security.Permissions (>= 5.0)
    System.Security.Permissions (5.0)
      System.Security.AccessControl (>= 5.0)
      System.Windows.Extensions (>= 5.0)
    System.Security.Principal.Windows (5.0)
    System.Security.SecureString (4.3)
      Microsoft.NETCore.Platforms (>= 1.1)
      System.Resources.ResourceManager (>= 4.3)
      System.Runtime (>= 4.3)
      System.Runtime.Handles (>= 4.3)
      System.Runtime.InteropServices (>= 4.3)
      System.Security.Cryptography.Primitives (>= 4.3)
      System.Text.Encoding (>= 4.3)
      System.Threading (>= 4.3)
    System.Text.Encoding (4.3)
      Microsoft.NETCore.Platforms (>= 1.1)
      Microsoft.NETCore.Targets (>= 1.1)
      System.Runtime (>= 4.3)
    System.Text.Encoding.CodePages (5.0)
      Microsoft.NETCore.Platforms (>= 5.0)
    System.Text.Encoding.Extensions (4.3)
      Microsoft.NETCore.Platforms (>= 1.1)
      Microsoft.NETCore.Targets (>= 1.1)
      System.Runtime (>= 4.3)
      System.Text.Encoding (>= 4.3)
    System.Text.Encodings.Web (5.0)
    System.Text.Json (5.0.1)
    System.Text.RegularExpressions (4.3.1)
      System.Runtime (>= 4.3.1)
    System.Threading (4.3)
      System.Runtime (>= 4.3)
      System.Threading.Tasks (>= 4.3)
    System.Threading.Tasks (4.3)
      Microsoft.NETCore.Platforms (>= 1.1)
      Microsoft.NETCore.Targets (>= 1.1)
      System.Runtime (>= 4.3)
    System.Threading.Tasks.Dataflow (5.0)
    System.Threading.Tasks.Extensions (4.5.4)
    System.Threading.Thread (4.3)
      System.Runtime (>= 4.3)
    System.Threading.ThreadPool (4.3)
      System.Runtime (>= 4.3)
      System.Runtime.Handles (>= 4.3)
    System.Threading.Timer (4.3)
      Microsoft.NETCore.Platforms (>= 1.1)
      Microsoft.NETCore.Targets (>= 1.1)
      System.Runtime (>= 4.3)
    System.Windows.Extensions (5.0)
      System.Drawing.Common (>= 5.0)
    System.Xml.ReaderWriter (4.3.1)
      System.Collections (>= 4.3)
      System.Diagnostics.Debug (>= 4.3)
      System.Globalization (>= 4.3)
      System.IO (>= 4.3)
      System.IO.FileSystem (>= 4.3)
      System.IO.FileSystem.Primitives (>= 4.3)
      System.Resources.ResourceManager (>= 4.3)
      System.Runtime (>= 4.3)
      System.Runtime.Extensions (>= 4.3)
      System.Runtime.InteropServices (>= 4.3)
      System.Text.Encoding (>= 4.3)
      System.Text.Encoding.Extensions (>= 4.3)
      System.Text.RegularExpressions (>= 4.3)
      System.Threading.Tasks (>= 4.3)
      System.Threading.Tasks.Extensions (>= 4.3)
    System.Xml.XDocument (4.3)
      System.Collections (>= 4.3)
      System.Diagnostics.Debug (>= 4.3)
      System.Diagnostics.Tools (>= 4.3)
      System.Globalization (>= 4.3)
      System.IO (>= 4.3)
      System.Reflection (>= 4.3)
      System.Resources.ResourceManager (>= 4.3)
      System.Runtime (>= 4.3)
      System.Runtime.Extensions (>= 4.3)
      System.Text.Encoding (>= 4.3)
      System.Threading (>= 4.3)
      System.Xml.ReaderWriter (>= 4.3)
    System.Xml.XmlDocument (4.3)
      System.Collections (>= 4.3)
      System.Diagnostics.Debug (>= 4.3)
      System.Globalization (>= 4.3)
      System.IO (>= 4.3)
      System.Resources.ResourceManager (>= 4.3)
      System.Runtime (>= 4.3)
      System.Runtime.Extensions (>= 4.3)
      System.Text.Encoding (>= 4.3)
      System.Threading (>= 4.3)
      System.Xml.ReaderWriter (>= 4.3)
    System.Xml.XmlSerializer (4.3)
      System.Collections (>= 4.3)
      System.Globalization (>= 4.3)
      System.IO (>= 4.3)
      System.Linq (>= 4.3)
      System.Reflection (>= 4.3)
      System.Reflection.Emit (>= 4.3)
      System.Reflection.Emit.ILGeneration (>= 4.3)
      System.Reflection.Extensions (>= 4.3)
      System.Reflection.Primitives (>= 4.3)
      System.Reflection.TypeExtensions (>= 4.3)
      System.Resources.ResourceManager (>= 4.3)
      System.Runtime (>= 4.3)
      System.Runtime.Extensions (>= 4.3)
      System.Text.RegularExpressions (>= 4.3)
      System.Threading (>= 4.3)
      System.Xml.ReaderWriter (>= 4.3)
      System.Xml.XmlDocument (>= 4.3)
    xunit (2.4.1)
      xunit.analyzers (>= 0.10)
      xunit.assert (2.4.1)
      xunit.core (2.4.1)
    xunit.abstractions (2.0.3)
    xunit.analyzers (0.10)
    xunit.assert (2.4.1)
      NETStandard.Library (>= 1.6.1)
    xunit.categories (2.0.4)
      xunit (>= 2.3.1)
    xunit.core (2.4.1)
      xunit.extensibility.core (2.4.1)
      xunit.extensibility.execution (2.4.1)
    xunit.extensibility.core (2.4.1)
      NETStandard.Library (>= 1.6.1)
      xunit.abstractions (>= 2.0.3)
    xunit.extensibility.execution (2.4.1)
      NETStandard.Library (>= 1.6.1)
      xunit.extensibility.core (2.4.1)
    xunit.runner.visualstudio (2.4.3)
